GIT
  remote: https://github.com/CocoaPods/CocoaPods.git
  revision: fbeb7866d41904c3fb90fa653e4b0b994d49b61a
  branch: master
  specs:
    cocoapods (0.39.0.beta.5)
      activesupport (>= 4.0.2)
      claide (~> 0.9.1)
      cocoapods-core (= 0.39.0.beta.5)
      cocoapods-downloader (~> 0.9.3)
      cocoapods-plugins (~> 0.4.2)
      cocoapods-search (~> 0.1.0)
      cocoapods-stats (~> 0.6.1)
      cocoapods-trunk (~> 0.6.4)
      cocoapods-try (~> 0.5.1)
      colored (~> 1.2)
      escape (~> 0.0.4)
      molinillo (~> 0.3.1)
      nap (~> 1.0)
      xcodeproj (~> 0.28.0)

GIT
  remote: https://github.com/CocoaPods/Core.git
  revision: 62297124586428b0fdd6d791d2e1d15da3a8ac6c
  branch: master
  specs:
    cocoapods-core (0.39.0.beta.5)
      activesupport (>= 4.0.2)
      fuzzy_match (~> 2.0.4)
      nap (~> 1.0)

GIT
  remote: https://github.com/CocoaPods/Xcodeproj.git
  revision: 8df79c548f100e52c24688fde6e886603a243324
  branch: master
  specs:
    xcodeproj (0.28.0)
      activesupport (>= 3)
      claide (~> 0.9.1)
      colored (~> 1.2)

GEM
  remote: https://rubygems.org/
  specs:
    activesupport (4.2.4)
      i18n (~> 0.7)
      json (~> 1.7, >= 1.7.7)
      minitest (~> 5.1)
      thread_safe (~> 0.3, >= 0.3.4)
      tzinfo (~> 1.1)
    claide (0.9.1)
    cocoapods-downloader (0.9.3)
    cocoapods-plugins (0.4.2)
      nap
    cocoapods-search (0.1.0)
    cocoapods-stats (0.6.1)
    cocoapods-trunk (0.6.4)
      nap (>= 0.8, < 2.0)
      netrc (= 0.7.8)
    cocoapods-try (0.5.1)
    colored (1.2)
    escape (0.0.4)
    fuzzy_match (2.0.4)
    i18n (0.7.0)
    json (1.8.3)
    minitest (5.8.1)
    molinillo (0.3.1)
    nap (1.0.0)
    netrc (0.7.8)
    thread_safe (0.3.5)
    tzinfo (1.2.2)
      thread_safe (~> 0.1)

PLATFORMS
  ruby

DEPENDENCIES
  cocoapods!
  cocoapods-core!
  xcodeproj!
